PATH
  remote: .
  specs:
    git-run (0.0.0)
      rugged (~> 0.23)

GEM
  remote: http://rubygems.org/
  specs:
    minitest (5.8.2)
    rugged (0.23.3)

PLATFORMS
  ruby

DEPENDENCIES
  git-run!
  minitest (~> 5.8)

BUNDLED WITH
   1.10.6
